GEM
  remote: https://rubygems.org/
  specs:
    activemodel (5.0.2)
      activesupport (= 5.0.2)
    activerecord (5.0.2)
      activemodel (= 5.0.2)
      activesupport (= 5.0.2)
      arel (~> 7.0)
    activesupport (5.0.2)
      concurrent-ruby (~> 1.0, >= 1.0.2)
      i18n (~> 0.7)
      minitest (~> 5.1)
      tzinfo (~> 1.1)
    arel (7.1.4)
    bcrypt (3.1.11)
    byebug (9.0.6)
    cliver (0.3.2)
    coderay (1.1.1)
    concurrent-ruby (1.0.5)
    diff-lcs (1.3)
    domain_name (0.5.20170404)
      unf (>= 0.0.5, < 1.0.0)
    enumerable-lazy (0.0.2)
    erubi (1.6.0)
    http-cookie (1.0.3)
      domain_name (~> 0.5)
    i18n (0.8.1)
    mail (2.6.4)
      mime-types (>= 1.16, < 4)
    mechanize (2.7.5)
      domain_name (~> 0.5, >= 0.5.1)
      http-cookie (~> 1.0)
      mime-types (>= 1.17.2)
      net-http-digest_auth (~> 1.1, >= 1.1.1)
      net-http-persistent (~> 2.5, >= 2.5.2)
      nokogiri (~> 1.6)
      ntlm-http (~> 0.1, >= 0.1.1)
      webrobots (>= 0.0.9, < 0.2)
    method_source (0.8.2)
    mime-types (2.99.3)
    mini_portile2 (2.1.0)
    minitest (5.10.1)
    moneta (0.8.1)
    mustermann19 (0.4.4)
      enumerable-lazy
    net-http-digest_auth (1.4.1)
    net-http-persistent (2.9.4)
    nokogiri (1.7.1)
      mini_portile2 (~> 2.1.0)
    ntlm-http (0.1.1)
    padrino (0.14.0.1)
      padrino-admin (= 0.14.0.1)
      padrino-cache (= 0.14.0.1)
      padrino-core (= 0.14.0.1)
      padrino-gen (= 0.14.0.1)
      padrino-helpers (= 0.14.0.1)
      padrino-mailer (= 0.14.0.1)
      padrino-support (= 0.14.0.1)
    padrino-admin (0.14.0.1)
      padrino-core (= 0.14.0.1)
      padrino-helpers (= 0.14.0.1)
    padrino-cache (0.14.0.1)
      moneta (~> 0.8.0)
      padrino-core (= 0.14.0.1)
      padrino-helpers (= 0.14.0.1)
    padrino-core (0.14.0.1)
      mustermann19
      padrino-support (= 0.14.0.1)
      rack-protection (>= 1.5.0)
      sinatra (>= 1.4.6)
      thor (~> 0.18)
    padrino-gen (0.14.0.1)
      bundler (~> 1.0)
      padrino-core (= 0.14.0.1)
    padrino-helpers (0.14.0.1)
      i18n (~> 0.6, >= 0.6.7)
      padrino-support (= 0.14.0.1)
      tilt (>= 1.4.1, < 3)
    padrino-mailer (0.14.0.1)
      mail (~> 2.5)
      mime-types (< 3)
      padrino-core (= 0.14.0.1)
    padrino-support (0.14.0.1)
    pdftotext (0.2.1)
      cliver (~> 0.3)
    pg (0.20.0)
    pry (0.10.4)
      coderay (~> 1.1.0)
      method_source (~> 0.8.1)
      slop (~> 3.4)
    pry-byebug (3.4.2)
      byebug (~> 9.0)
      pry (~> 0.10)
    rack (1.6.5)
    rack-protection (1.5.3)
      rack
    rack-test (0.6.3)
      rack (>= 1.0)
    rake (12.0.0)
    rspec (3.5.0)
      rspec-core (~> 3.5.0)
      rspec-expectations (~> 3.5.0)
      rspec-mocks (~> 3.5.0)
    rspec-core (3.5.4)
      rspec-support (~> 3.5.0)
    rspec-expectations (3.5.0)
      diff-lcs (>= 1.2.0, < 2.0)
      rspec-support (~> 3.5.0)
    rspec-its (1.2.0)
      rspec-core (>= 3.0.0)
      rspec-expectations (>= 3.0.0)
    rspec-mocks (3.5.0)
      diff-lcs (>= 1.2.0, < 2.0)
      rspec-support (~> 3.5.0)
    rspec-support (3.5.0)
    sinatra (1.4.8)
      rack (~> 1.5)
      rack-protection (~> 1.4)
      tilt (>= 1.3, < 3)
    slop (3.6.0)
    sqlite3 (1.3.13)
    thor (0.19.4)
    thread_safe (0.3.6)
    tilt (2.0.7)
    tzinfo (1.2.3)
      thread_safe (~> 0.1)
    unf (0.1.4)
      unf_ext
    unf_ext (0.0.7.2)
    webrobots (0.1.2)

PLATFORMS
  ruby

DEPENDENCIES
  activerecord (>= 3.1)
  activesupport (>= 3.1)
  bcrypt
  erubi (~> 1.6)
  mechanize
  padrino (= 0.14.0.1)
  pdftotext
  pg
  pry-byebug
  rack-test
  rake
  rspec
  rspec-its
  sqlite3

BUNDLED WITH
   1.14.6
